GEM
  remote: https://rubygems.org/
  specs:
    fakeweb (1.3.0)
    httparty (0.21.0)
      mini_mime (>= 1.0.0)
      multi_xml (>= 0.5.2)
    json (2.6.3)
    mini_mime (1.1.2)
    minitest (5.18.1)
    multi_xml (0.6.0)
    rake (13.0.6)

PLATFORMS
  x86_64-linux

DEPENDENCIES
  fakeweb
  httparty
  json
  minitest
  rake

BUNDLED WITH
   2.4.10
